GEM
  specs:
    byebug (11.1.3)
    concurrent-ruby (1.1.10)
    i18n (1.10.0)
      concurrent-ruby (~> 1.0)

PLATFORMS
  x86_64-linux

DEPENDENCIES
  byebug
  i18n

BUNDLED WITH
   2.2.4
